GEM
  remote: https://rubygems.org/
  specs:
    resquirrel (0.1.2)

PLATFORMS
  arm64-darwin-20
  ruby

DEPENDENCIES
  resquirrel (~> 0.1.2)

BUNDLED WITH
   2.5.3
