GEM
  remote: https://rubygems.org/
  specs:
    resquirrel (0.1.0)

PLATFORMS
  arm64-darwin-20
  ruby

DEPENDENCIES
  resquirrel

BUNDLED WITH
   2.5.3
